GEM
  remote: https://rubygems.org/
  specs:
    RedCloth (4.2.9)
    coderay (1.1.0)
    colorize (0.6.0)
    kramdown (1.3.1)
    less (1.2.21)
      mutter (>= 0.4.2)
      treetop (>= 1.4.2)
    liquid (2.6.1)
    makerakeworkwell (1.0.3)
      rake (>= 0.9.2, < 11)
    mutter (0.5.3)
    polyglot (0.3.3)
    rake (10.1.1)
    treetop (1.4.15)
      polyglot
      polyglot (>= 0.3.1)
    zenweb (3.3.1)
      coderay (~> 1.0)
      kramdown (~> 1.0)
      less (~> 1.2)
      makerakeworkwell (~> 1.0)
      rake (>= 0.9, < 11)

PLATFORMS
  ruby

DEPENDENCIES
  RedCloth
  colorize
  liquid
  zenweb
